GEM
  remote: https://rubygems.org/
  specs:
    addressable (2.7.0)
      public_suffix (>= 2.0.2, < 5.0)
    crack (0.4.3)
      safe_yaml (~> 1.0.0)
    diff-lcs (1.3)
    faraday (0.17.3)
      multipart-post (>= 1.2, < 3)
    flyml (0.3.0)
    hashdiff (1.0.1)
    httparty (0.16.4)
      mime-types (~> 3.0)
      multi_xml (>= 0.5.2)
    mime-types (3.3.1)
      mime-types-data (~> 3.2015)
    mime-types-data (3.2019.1009)
    multi_xml (0.6.0)
    multipart-post (2.1.1)
    mustermann (3.0.0)
      ruby2_keywords (~> 0.0.1)
    newrelic_rpm (4.8.0.341)
    octokit (4.18.0)
      faraday (>= 0.9)
      sawyer (~> 0.8.0, >= 0.5.3)
    public_suffix (4.0.3)
    puma (3.12.6)
    rack (2.2.4)
    rack-protection (3.0.4)
      rack
    rack-test (2.0.2)
      rack (>= 1.3)
    rake (12.3.3)
    redis (4.1.3)
    rspec (3.7.0)
      rspec-core (~> 3.7.0)
      rspec-expectations (~> 3.7.0)
      rspec-mocks (~> 3.7.0)
    rspec-core (3.7.1)
      rspec-support (~> 3.7.0)
    rspec-expectations (3.7.0)
      diff-lcs (>= 1.2.0, < 2.0)
      rspec-support (~> 3.7.0)
    rspec-mocks (3.7.0)
      diff-lcs (>= 1.2.0, < 2.0)
      rspec-support (~> 3.7.0)
    rspec-support (3.7.1)
    ruby2_keywords (0.0.5)
    safe_yaml (1.0.5)
    sawyer (0.8.2)
      addressable (>= 2.3.5)
      faraday (> 0.8, < 2.0)
    sentry-raven (2.7.4)
      faraday (>= 0.7.6, < 1.0)
    sinatra (3.0.4)
      mustermann (~> 3.0)
      rack (~> 2.2, >= 2.2.4)
      rack-protection (= 3.0.4)
      tilt (~> 2.0)
    sinatra-cross_origin (0.4.0)
    tilt (2.0.11)
    timecop (0.9.1)
    webmock (3.3.0)
      addressable (>= 2.3.6)
      crack (>= 0.3.2)
      hashdiff

PLATFORMS
  ruby

DEPENDENCIES
  flyml (~> 0.3.0)
  httparty (~> 0.16.2)
  newrelic_rpm (~> 4.8.0.341)
  octokit (~> 4.0)
  puma (~> 3.12.6)
  rack (~> 2.2.4)
  rack-test (~> 2.0.2)
  rake (~> 12.3.1)
  redis (~> 4.1.3)
  rspec (~> 3.7.0)
  sentry-raven (~> 2.7.4)
  sinatra (~> 3.0.4)
  sinatra-cross_origin (~> 0.4.0)
  timecop (~> 0.9.1)
  webmock (~> 3.3.0)

BUNDLED WITH
   2.1.2
